GEM
  remote: http://rubygems.org/
  specs:
    addressable (2.2.8)
    backports (2.6.2)
    daemons (1.1.8)
    eventmachine (0.12.10)
    excon (0.15.4)
    haml (3.1.6)
    heroku (2.29.0)
      heroku-api (~> 0.2.13)
      launchy (>= 0.3.2)
      netrc (~> 0.7.5)
      rest-client (~> 1.6.1)
      rubyzip
    heroku-api (0.2.13)
      excon (~> 0.15.4)
    launchy (2.1.0)
      addressable (~> 2.2.6)
    mime-types (1.19)
    netrc (0.7.5)
    rack (1.4.1)
    rack-protection (1.2.0)
      rack
    rack-test (0.6.1)
      rack (>= 1.0)
    rest-client (1.6.7)
      mime-types (>= 1.16)
    rubyzip (0.9.9)
    sinatra (1.3.2)
      rack (~> 1.3, >= 1.3.6)
      rack-protection (~> 1.2)
      tilt (~> 1.3, >= 1.3.3)
    sinatra-contrib (1.3.1)
      backports (>= 2.0)
      eventmachine
      rack-protection
      rack-test
      sinatra (~> 1.3.0)
      tilt (~> 1.3)
    thin (1.4.1)
      daemons (>= 1.0.9)
      eventmachine (>= 0.12.6)
      rack (>= 1.0.0)
    tilt (1.3.3)

PLATFORMS
  ruby

DEPENDENCIES
  haml
  heroku
  sinatra
  sinatra-contrib
  thin
